GEM
  remote: https://rubygems.org/
  specs:
    coderay (1.1.2)
    faraday (1.0.1)
      multipart-post (>= 1.2, < 3)
    faraday_middleware (1.0.0)
      faraday (~> 1.0)
    interactor (3.1.2)
    method_source (1.0.0)
    multipart-post (2.1.1)
    pry (0.13.1)
      coderay (~> 1.1)
      method_source (~> 1.0)

PLATFORMS
  ruby

DEPENDENCIES
  faraday (~> 1.0.1)
  faraday_middleware (~> 1.0.0)
  interactor (~> 3.1)
  pry (~> 0.13.1)

BUNDLED WITH
   2.0.2
