GEM
  remote: https://rubygems.org/
  specs:
    faraday (1.0.1)
      multipart-post (>= 1.2, < 3)
    faraday_middleware (1.0.0)
      faraday (~> 1.0)
    interactor (3.1.2)
    multipart-post (2.1.1)

PLATFORMS
  ruby

DEPENDENCIES
  faraday (~> 1.0.1)
  faraday_middleware (~> 1.0.0)
  interactor (~> 3.1)

BUNDLED WITH
   2.0.2
